GEM
  remote: https://rubygems.org/
  specs:
    stopwords-filter (0.3.0)
    table_print (1.5.2)
    xml-simple (1.1.3)

PLATFORMS
  ruby

DEPENDENCIES
  stopwords-filter
  table_print
  xml-simple
