GEM
  remote: https://rubygems.org/
  specs:
    stopwords-filter (0.3.0)

PLATFORMS
  ruby

DEPENDENCIES
  stopwords-filter
